GEM
  remote: https://rubygems.org/
  specs:
    haml (5.0.1)
      temple (>= 0.8.0)
      tilt
    redcarpet (3.5.1)
    temple (0.8.0)
    tilt (2.0.8)

PLATFORMS
  ruby

DEPENDENCIES
  haml
  redcarpet

BUNDLED WITH
   1.14.6
